GEM
  remote: https://rubygems.org/
  specs:
    colored (1.2)
    metaclass (0.0.4)
    minitest (5.10.3)
    mocha (1.3.0)
      metaclass (~> 0.0.1)
    parallel (1.12.0)
    rake (12.1.0)

PLATFORMS
  ruby

DEPENDENCIES
  colored
  minitest
  mocha
  parallel
  rake
